GEM
  remote: https://rubygems.org/
  specs:
    htmlentities (4.3.4)
    mini_portile2 (2.8.0)
    minitest (4.7.5)
    nokogiri (1.13.2)
      mini_portile2 (~> 2.8.0)
      racc (~> 1.4)
    racc (1.6.0)

PLATFORMS
  ruby

DEPENDENCIES
  htmlentities
  minitest
  nokogiri (= 1.13.2)

BUNDLED WITH
   1.11.2
