GEM
  remote: https://rubygems.org/
  specs:
    htmlentities (4.3.4)
    mini_portile2 (2.6.1)
    minitest (4.7.5)
    nokogiri (1.12.5)
      mini_portile2 (~> 2.6.1)
      racc (~> 1.4)
    racc (1.5.2)

PLATFORMS
  ruby

DEPENDENCIES
  htmlentities
  minitest
  nokogiri (= 1.12.5)

BUNDLED WITH
   1.11.2
