GEM
  remote: https://rubygems.org/
  specs:
    htmlentities (4.3.4)
    mini_portile2 (2.5.1)
    minitest (4.7.5)
    nokogiri (1.11.4)
      mini_portile2 (~> 2.5.0)
      racc (~> 1.4)
    racc (1.5.2)

PLATFORMS
  ruby

DEPENDENCIES
  htmlentities
  minitest
  nokogiri (= 1.11.4)

BUNDLED WITH
   1.11.2
