GEM
  remote: https://rubygems.org/
  specs:
    htmlentities (4.3.4)
    mini_portile2 (2.0.0)
    minitest (4.7.5)
    nokogiri (1.6.7.2)
      mini_portile2 (~> 2.0.0.rc2)

PLATFORMS
  ruby

DEPENDENCIES
  htmlentities
  minitest
  nokogiri (= 1.6.7.2)

BUNDLED WITH
   1.11.2
