GEM
  remote: https://rubygems.org/
  specs:
    htmlentities (4.3.4)
    mini_portile2 (2.4.0)
    minitest (4.7.5)
    nokogiri (1.10.10)
      mini_portile2 (~> 2.4.0)

PLATFORMS
  ruby

DEPENDENCIES
  htmlentities
  minitest
  nokogiri (= 1.10.10)

BUNDLED WITH
   1.11.2
